GEM
  remote: http://rubygems.org/
  specs:
    builder (3.1.4)
    jwt (0.1.5)
      multi_json (>= 1.0)
    multi_json (1.5.0)
    twilio-ruby (3.9.0)
      builder (>= 2.1.2)
      jwt (>= 0.1.2)
      multi_json (>= 1.3.0)

PLATFORMS
  ruby

DEPENDENCIES
  twilio-ruby
